GEM
  remote: https://rubygems.org/
  specs:
    byebug (11.0.1)
    nio4r (2.5.8)
    puma (4.3.12)
      nio4r (~> 2.0)
    rack (2.2.6.4)
    shotgun (0.9.2)
      rack (>= 1.0)

PLATFORMS
  ruby

DEPENDENCIES
  byebug
  puma
  rack
  shotgun

RUBY VERSION
   ruby 2.5.9p229

BUNDLED WITH
   2.3.21
