GEM
  remote: https://rubygems.org/
  specs:
    byebug (9.0.6)
    puma (3.6.2)
    rack (2.0.1)
    shotgun (0.9.2)
      rack (>= 1.0)

PLATFORMS
  ruby

DEPENDENCIES
  byebug
  puma
  rack
  shotgun

BUNDLED WITH
   1.13.6
