GEM
  remote: https://rubygems.org/
  specs:
    byebug (11.0.1)
    nio4r (2.5.7)
    puma (4.3.8)
      nio4r (~> 2.0)
    rack (2.0.8)
    shotgun (0.9.2)
      rack (>= 1.0)

PLATFORMS
  ruby

DEPENDENCIES
  byebug
  puma
  rack
  shotgun

BUNDLED WITH
   2.0.2
